GIT
  remote: https://github.com/alphagov/middleman-search.git
  revision: d13d7c42ac0a48fcfb3d37c514f95674406405e1
  specs:
    middleman-search-gds (0.11.0a)
      execjs (~> 2.6)
      middleman-core (>= 3.2)
      nokogiri (~> 1.6)

GEM
  remote: https://rubygems.org/
  specs:
    activesupport (5.0.7.2)
      concurrent-ruby (~> 1.0, >= 1.0.2)
      i18n (>= 0.7, < 2)
      minitest (~> 5.1)
      tzinfo (~> 1.1)
    addressable (2.7.0)
      public_suffix (>= 2.0.2, < 5.0)
    autoprefixer-rails (6.7.7.2)
      execjs
    awesome_bot (1.19.1)
      parallel (= 1.17.0)
    backports (3.15.0)
    chronic (0.10.2)
    chunky_png (1.3.11)
    claide (1.0.3)
    claide-plugins (0.9.2)
      cork
      nap
      open4 (~> 1.3)
    coderay (1.1.2)
    coffee-script (2.4.1)
      coffee-script-source
      execjs
    coffee-script-source (1.12.2)
    colored2 (3.1.2)
    commonmarker (0.20.1)
      ruby-enum (~> 0.5)
    compass (1.0.3)
      chunky_png (~> 1.2)
      compass-core (~> 1.0.2)
      compass-import-once (~> 1.0.5)
      rb-fsevent (>= 0.9.3)
      rb-inotify (>= 0.9)
      sass (>= 3.3.13, < 3.5)
    compass-core (1.0.3)
      multi_json (~> 1.0)
      sass (>= 3.3.0, < 3.5)
    compass-import-once (1.0.5)
      sass (>= 3.2, < 3.5)
    concurrent-ruby (1.1.5)
    contracts (0.13.0)
    cork (0.3.0)
      colored2 (~> 3.1)
    danger (5.16.1)
      claide (~> 1.0)
      claide-plugins (>= 0.9.2)
      colored2 (~> 3.1)
      cork (~> 0.1)
      faraday (~> 0.9)
      faraday-http-cache (~> 1.0)
      git (~> 1.5)
      kramdown (~> 1.5)
      no_proxy_fix
      octokit (~> 4.7)
      terminal-table (~> 1)
    dotenv (2.7.5)
    em-websocket (0.5.1)
      eventmachine (>= 0.12.9)
      http_parser.rb (~> 0.6.0)
    erubis (2.7.0)
    eventmachine (1.2.7)
    execjs (2.7.0)
    faraday (0.17.0)
      multipart-post (>= 1.2, < 3)
    faraday-http-cache (1.3.1)
      faraday (~> 0.8)
    fast_blank (1.0.0)
    fastimage (2.1.7)
    ffi (1.11.1)
    foreman (0.86.0)
    git (1.5.0)
    govuk_tech_docs (2.0.7)
      activesupport
      chronic (~> 0.10.2)
      middleman (~> 4.0)
      middleman-autoprefixer (~> 2.7.0)
      middleman-compass (>= 4.0.0)
      middleman-livereload
      middleman-search-gds
      middleman-sprockets (~> 4.0.0)
      middleman-syntax (~> 3.0.0)
      nokogiri
      openapi3_parser (~> 0.5.0)
      pry
      redcarpet (~> 3.3.2)
      sass
      sprockets (= 4.0.0.beta10)
    haml (5.1.2)
      temple (>= 0.8.0)
      tilt
    hamster (3.0.0)
      concurrent-ruby (~> 1.0)
    hashie (3.6.0)
    http_parser.rb (0.6.0)
    i18n (0.9.5)
      concurrent-ruby (~> 1.0)
    kramdown (1.17.0)
    listen (3.0.8)
      rb-fsevent (~> 0.9, >= 0.9.4)
      rb-inotify (~> 0.9, >= 0.9.7)
    memoist (0.16.0)
    method_source (0.9.2)
    middleman (4.3.5)
      coffee-script (~> 2.2)
      haml (>= 4.0.5)
      kramdown (~> 1.2)
      middleman-cli (= 4.3.5)
      middleman-core (= 4.3.5)
    middleman-autoprefixer (2.7.1)
      autoprefixer-rails (>= 6.5.2, < 7.0.0)
      middleman-core (>= 3.3.3)
    middleman-cli (4.3.5)
      thor (>= 0.17.0, < 2.0)
    middleman-compass (4.0.1)
      compass (>= 1.0.0, < 2.0.0)
      middleman-core (>= 4.0.0)
    middleman-core (4.3.5)
      activesupport (>= 4.2, < 5.1)
      addressable (~> 2.3)
      backports (~> 3.6)
      bundler
      contracts (~> 0.13.0)
      dotenv
      erubis
      execjs (~> 2.0)
      fast_blank
      fastimage (~> 2.0)
      hamster (~> 3.0)
      hashie (~> 3.4)
      i18n (~> 0.9.0)
      listen (~> 3.0.0)
      memoist (~> 0.14)
      padrino-helpers (~> 0.13.0)
      parallel
      rack (>= 1.4.5, < 3)
      sassc (~> 2.0)
      servolux
      tilt (~> 2.0.9)
      uglifier (~> 3.0)
    middleman-livereload (3.4.6)
      em-websocket (~> 0.5.1)
      middleman-core (>= 3.3)
      rack-livereload (~> 0.3.15)
    middleman-sprockets (4.0.0)
      middleman-core (~> 4.0)
      sprockets (>= 3.0)
    middleman-syntax (3.0.0)
      middleman-core (>= 3.2)
      rouge (~> 2.0)
    mini_portile2 (2.4.0)
    minitest (5.12.2)
    multi_json (1.14.1)
    multipart-post (2.1.1)
    nap (1.1.0)
    nio4r (2.5.2)
    no_proxy_fix (0.1.2)
    nokogiri (1.10.4)
      mini_portile2 (~> 2.4.0)
    octokit (4.14.0)
      sawyer (~> 0.8.0, >= 0.5.3)
    open4 (1.3.4)
    openapi3_parser (0.5.2)
      commonmarker (~> 0.17)
    padrino-helpers (0.13.3.4)
      i18n (~> 0.6, >= 0.6.7)
      padrino-support (= 0.13.3.4)
      tilt (>= 1.4.1, < 3)
    padrino-support (0.13.3.4)
      activesupport (>= 3.1)
    parallel (1.17.0)
    pry (0.12.2)
      coderay (~> 1.1.0)
      method_source (~> 0.9.0)
    public_suffix (4.0.1)
    puma (4.3.3)
      nio4r (~> 2.0)
    rack (2.0.7)
    rack-contrib (2.1.0)
      rack (~> 2.0)
    rack-livereload (0.3.17)
      rack
    rake (13.0.0)
    rb-fsevent (0.10.3)
    rb-inotify (0.10.0)
      ffi (~> 1.0)
    redcarpet (3.3.4)
    rouge (2.2.1)
    ruby-enum (0.7.2)
      i18n
    sass (3.4.25)
    sassc (2.2.1)
      ffi (~> 1.9)
    sawyer (0.8.2)
      addressable (>= 2.3.5)
      faraday (> 0.8, < 2.0)
    servolux (0.13.0)
    sprockets (4.0.0.beta10)
      concurrent-ruby (~> 1.0)
      rack (> 1, < 3)
    temple (0.8.2)
    terminal-table (1.8.0)
      unicode-display_width (~> 1.1, >= 1.1.1)
    thor (0.20.3)
    thread_safe (0.3.6)
    tilt (2.0.10)
    tzinfo (1.2.5)
      thread_safe (~> 0.1)
    uglifier (3.2.0)
      execjs (>= 0.3.0, < 3)
    unicode-display_width (1.6.0)

PLATFORMS
  ruby

DEPENDENCIES
  awesome_bot
  danger
  foreman
  govuk_tech_docs
  middleman-search-gds!
  puma
  rack-contrib
  rake
  tzinfo-data
  wdm (~> 0.1.0)

RUBY VERSION
   ruby 2.6.2p47

BUNDLED WITH
   1.17.2
